GEM
  remote: http://rubygems.org/
  specs:
    hpricot (0.8.2)
    rack (1.2.1)
    shotgun (0.8)
      rack (>= 1.0)
    sinatra (1.0)
      rack (>= 1.0)

PLATFORMS
  ruby

DEPENDENCIES
  hpricot (~> 0.8.0)
  shotgun (~> 0.8)
  sinatra (~> 1.0.0)
